PATH
  remote: /Users/sahil/projects/wingify/vwo-ruby-sdk
  specs:
    vwo-sdk (1.5.0)
      json-schema (~> 2.8)
      murmurhash3 (~> 0.1)

GEM
  remote: http://rubygems.org/
  specs:
    addressable (2.7.0)
      public_suffix (>= 2.0.2, < 5.0)
    haml (5.1.2)
      temple (>= 0.8.0)
      tilt
    json-schema (2.8.1)
      addressable (>= 2.4)
    murmurhash3 (0.1.6)
    mustermann (1.1.1)
      ruby2_keywords (~> 0.0.1)
    public_suffix (4.0.3)
    rack (2.0.8)
    rack-protection (2.0.8.1)
      rack
    ruby2_keywords (0.0.1)
    sinatra (2.0.8.1)
      mustermann (~> 1.0)
      rack (~> 2.0)
      rack-protection (= 2.0.8.1)
      tilt (~> 2.0)
    temple (0.8.2)
    tilt (2.0.10)

PLATFORMS
  ruby

DEPENDENCIES
  haml (~> 5.1.2)
  sinatra (~> 2.0.7)
  vwo-sdk!

BUNDLED WITH
   2.0.1
